GEM
  remote: http://rubygems.org/
  specs:
    diff-lcs (1.1.3)
    erubis (2.7.0)
    excon (0.85.0)
    heroics (0.1.2)
      erubis (~> 2.0)
      excon
      moneta
      multi_json (>= 1.9.2)
      webrick
    heroku_hatchet (7.3.4)
      excon (~> 0)
      platform-api (~> 3)
      rrrretry (~> 1)
      thor (~> 1)
      threaded (~> 0)
    moneta (1.0.0)
    multi_json (1.15.0)
    platform-api (3.3.0)
      heroics (~> 0.1.1)
      moneta (~> 1.0.0)
      rate_throttle_client (~> 0.1.0)
    rake (10.0.4)
    rate_throttle_client (0.1.2)
    rrrretry (1.0.0)
    rspec-core (2.13.1)
    rspec-expectations (2.12.1)
      diff-lcs (~> 1.1.3)
    thor (1.1.0)
    threaded (0.0.4)
    webrick (1.7.0)

PLATFORMS
  ruby

DEPENDENCIES
  excon
  heroku_hatchet
  rake
  rspec-core
  rspec-expectations
