GEM
  remote: http://rubygems.org/
  specs:
    activesupport (5.2.4.6)
      concurrent-ruby (~> 1.0, >= 1.0.2)
      i18n (>= 0.7, < 2)
      minitest (~> 5.1)
      tzinfo (~> 1.1)
    anvil-cli (0.15.0)
      progress (~> 2.4.0)
      rest-client (~> 1.6.7)
      thor (~> 0.15.2)
    concurrent-ruby (1.1.9)
    diff-lcs (1.1.3)
    excon (0.16.10)
    heroku-api (0.3.8)
      excon (~> 0.16.10)
    heroku_hatchet (0.0.1)
      activesupport
      anvil-cli
      excon
      heroku-api
      thor
    i18n (1.8.10)
      concurrent-ruby (~> 1.0)
    mime-types (1.22)
    minitest (5.14.4)
    progress (2.4.0)
    rake (10.0.4)
    rest-client (1.6.7)
      mime-types (>= 1.16)
    rspec-core (2.13.1)
    rspec-expectations (2.12.1)
      diff-lcs (~> 1.1.3)
    thor (0.15.4)
    thread_safe (0.3.6)
    tzinfo (1.2.9)
      thread_safe (~> 0.1)

PLATFORMS
  ruby

DEPENDENCIES
  excon
  heroku_hatchet
  rake
  rspec-core
  rspec-expectations
