GEM
  remote: https://rubygems.org/
  specs:
    actioncable (5.2.4.6)
      actionpack (= 5.2.4.6)
      nio4r (~> 2.0)
      websocket-driver (>= 0.6.1)
    actionmailer (5.2.4.6)
      actionpack (= 5.2.4.6)
      actionview (= 5.2.4.6)
      activejob (= 5.2.4.6)
      mail (~> 2.5, >= 2.5.4)
      rails-dom-testing (~> 2.0)
    actionpack (5.2.4.6)
      actionview (= 5.2.4.6)
      activesupport (= 5.2.4.6)
      rack (~> 2.0, >= 2.0.8)
      rack-test (>= 0.6.3)
      rails-dom-testing (~> 2.0)
      rails-html-sanitizer (~> 1.0, >= 1.0.2)
    actionview (5.2.4.6)
      activesupport (= 5.2.4.6)
      builder (~> 3.1)
      erubi (~> 1.4)
      rails-dom-testing (~> 2.0)
      rails-html-sanitizer (~> 1.0, >= 1.0.3)
    activejob (5.2.4.6)
      activesupport (= 5.2.4.6)
      globalid (>= 0.3.6)
    activemodel (5.2.4.6)
      activesupport (= 5.2.4.6)
    activerecord (5.2.4.6)
      activemodel (= 5.2.4.6)
      activesupport (= 5.2.4.6)
      arel (>= 9.0)
    activestorage (5.2.4.6)
      actionpack (= 5.2.4.6)
      activerecord (= 5.2.4.6)
      marcel (~> 0.3.1)
    activesupport (5.2.4.6)
      concurrent-ruby (~> 1.0, >= 1.0.2)
      i18n (>= 0.7, < 2)
      minitest (~> 5.1)
      tzinfo (~> 1.1)
    addressable (2.5.0)
      public_suffix (~> 2.0, >= 2.0.2)
    arel (9.0.0)
    bindex (0.8.1)
    builder (3.2.4)
    byebug (9.0.6)
    coderay (1.1.1)
    concurrent-ruby (1.1.9)
    crack (0.4.3)
      safe_yaml (~> 1.0.0)
    crass (1.0.6)
    database_cleaner (1.5.3)
    declarative (0.0.20)
    declarative-builder (0.2.0)
      trailblazer-option (~> 0.1.0)
    diff-lcs (1.4.4)
    disposable (0.5.0)
      declarative (>= 0.0.9, < 1.0.0)
      declarative-builder (~> 0.2.0)
      representable (>= 3.1.1, < 3.2.0)
      uber (< 0.2.0)
    dotenv (2.7.6)
    dotenv-rails (2.7.6)
      dotenv (= 2.7.6)
      railties (>= 3.2)
    erubi (1.10.0)
    faraday (0.11.0)
      multipart-post (>= 1.2, < 3)
    ffi (1.9.17)
    formatador (0.2.5)
    globalid (0.4.2)
      activesupport (>= 4.2.0)
    guard (2.14.0)
      formatador (>= 0.2.4)
      listen (>= 2.7, < 4.0)
      lumberjack (~> 1.0)
      nenv (~> 0.1)
      notiffany (~> 0.0)
      pry (>= 0.9.12)
      shellany (~> 0.0)
      thor (>= 0.18.1)
    guard-compat (1.2.1)
    guard-minitest (2.4.6)
      guard-compat (~> 1.2)
      minitest (>= 3.0)
    guard-rspec (4.7.3)
      guard (~> 2.1)
      guard-compat (~> 1.1)
      rspec (>= 2.99.0, < 4.0)
    hashdiff (0.3.2)
    hashie (4.1.0)
    hirb (0.7.3)
    i18n (1.8.10)
      concurrent-ruby (~> 1.0)
    jbuilder (2.11.2)
      activesupport (>= 5.0.0)
    jwt (1.5.6)
    koala (2.4.0)
      addressable
      faraday
      multi_json (>= 1.3.0)
    listen (3.0.8)
      rb-fsevent (~> 0.9, >= 0.9.4)
      rb-inotify (~> 0.9, >= 0.9.7)
    loofah (2.10.0)
      crass (~> 1.0.2)
      nokogiri (>= 1.5.9)
    lumberjack (1.0.11)
    mail (2.7.1)
      mini_mime (>= 0.1.1)
    marcel (0.3.3)
      mimemagic (~> 0.3.2)
    method_source (0.8.2)
    mimemagic (0.3.10)
      nokogiri (~> 1)
      rake
    mini_mime (1.1.0)
    mini_portile2 (2.5.3)
    minitest (5.14.4)
    multi_json (1.15.0)
    multipart-post (2.0.0)
    nenv (0.3.0)
    nio4r (2.5.7)
    nokogiri (1.11.7)
      mini_portile2 (~> 2.5.0)
      racc (~> 1.4)
    notiffany (0.1.1)
      nenv (~> 0.1)
      shellany (~> 0.0)
    pg (0.19.0)
    pry (0.10.4)
      coderay (~> 1.1.0)
      method_source (~> 0.8.1)
      slop (~> 3.4)
    public_suffix (2.0.5)
    puma (3.6.2)
    racc (1.5.2)
    rack (2.2.3)
    rack-cors (0.4.0)
    rack-test (1.1.0)
      rack (>= 1.0, < 3)
    rails (5.2.4.6)
      actioncable (= 5.2.4.6)
      actionmailer (= 5.2.4.6)
      actionpack (= 5.2.4.6)
      actionview (= 5.2.4.6)
      activejob (= 5.2.4.6)
      activemodel (= 5.2.4.6)
      activerecord (= 5.2.4.6)
      activestorage (= 5.2.4.6)
      activesupport (= 5.2.4.6)
      bundler (>= 1.3.0)
      railties (= 5.2.4.6)
      sprockets-rails (>= 2.0.0)
    rails-dom-testing (2.0.3)
      activesupport (>= 4.2.0)
      nokogiri (>= 1.6)
    rails-html-sanitizer (1.3.0)
      loofah (~> 2.3)
    railties (5.2.4.6)
      actionpack (= 5.2.4.6)
      activesupport (= 5.2.4.6)
      method_source
      rake (>= 0.8.7)
      thor (>= 0.19.0, < 2.0)
    rake (13.0.6)
    rb-fsevent (0.9.8)
    rb-inotify (0.9.7)
      ffi (>= 0.5.0)
    reform (2.6.0)
      disposable (~> 0.5.0)
      representable (>= 3.1.1, < 3.2.0)
      uber (< 0.2.0)
    representable (3.1.1)
      declarative (< 0.1.0)
      trailblazer-option (>= 0.1.1, < 0.2.0)
      uber (< 0.2.0)
    rspec (3.5.0)
      rspec-core (~> 3.5.0)
      rspec-expectations (~> 3.5.0)
      rspec-mocks (~> 3.5.0)
    rspec-core (3.5.4)
      rspec-support (~> 3.5.0)
    rspec-expectations (3.5.0)
      diff-lcs (>= 1.2.0, < 2.0)
      rspec-support (~> 3.5.0)
    rspec-mocks (3.5.0)
      diff-lcs (>= 1.2.0, < 2.0)
      rspec-support (~> 3.5.0)
    rspec-rails (3.5.2)
      actionpack (>= 3.0)
      activesupport (>= 3.0)
      railties (>= 3.0)
      rspec-core (~> 3.5.0)
      rspec-expectations (~> 3.5.0)
      rspec-mocks (~> 3.5.0)
      rspec-support (~> 3.5.0)
    rspec-support (3.5.0)
    safe_yaml (1.0.4)
    shellany (0.0.1)
    slop (3.6.0)
    spring (2.1.1)
    spring-watcher-listen (2.0.1)
      listen (>= 2.7, < 4.0)
      spring (>= 1.2, < 3.0)
    sprockets (4.0.2)
      concurrent-ruby (~> 1.0)
      rack (> 1, < 3)
    sprockets-rails (3.2.2)
      actionpack (>= 4.0)
      activesupport (>= 4.0)
      sprockets (>= 3.0.0)
    thor (0.19.1)
    thread_safe (0.3.6)
    trailblazer (2.1.0)
      trailblazer-macro (>= 2.1.0, < 2.2.0)
      trailblazer-macro-contract (>= 2.1.0, < 2.2.0)
      trailblazer-operation
    trailblazer-activity (0.12.2)
      trailblazer-context (~> 0.5.0)
      trailblazer-option (~> 0.1.0)
    trailblazer-activity-dsl-linear (0.4.1)
      trailblazer-activity (>= 0.12.2, < 1.0.0)
    trailblazer-context (0.5.0)
      hashie (>= 3.0.0)
    trailblazer-developer (0.0.22)
      hirb
      representable (>= 3.1.1, < 4.0.0)
      trailblazer-activity (>= 0.12.2, < 1.0.0)
      trailblazer-activity-dsl-linear (>= 0.4.1, < 1.0.0)
    trailblazer-loader (0.1.2)
    trailblazer-macro (2.1.6)
      trailblazer-activity-dsl-linear (>= 0.4.0, < 0.5.0)
      trailblazer-operation (>= 0.7.0)
    trailblazer-macro-contract (2.1.1)
      reform (>= 2.2.0, < 3.0.0)
      trailblazer-activity-dsl-linear (>= 0.4.0, < 0.5.0)
    trailblazer-operation (0.7.5)
      trailblazer-activity (>= 0.12.2, < 1.0.0)
      trailblazer-activity-dsl-linear (>= 0.4.1, < 1.0.0)
      trailblazer-developer (>= 0.0.21, < 1.0.0)
    trailblazer-option (0.1.1)
    trailblazer-rails (2.1.7)
      railties (>= 4.0.0)
      trailblazer (>= 2.1.0.beta1, < 2.2.0)
      trailblazer-loader (>= 0.1.0)
    tzinfo (1.2.9)
      thread_safe (~> 0.1)
    uber (0.1.0)
    web-console (3.7.0)
      actionview (>= 5.0)
      activemodel (>= 5.0)
      bindex (>= 0.4.0)
      railties (>= 5.0)
    webmock (2.3.2)
      addressable (>= 2.3.6)
      crack (>= 0.3.2)
      hashdiff
    websocket-driver (0.7.5)
      websocket-extensions (>= 0.1.0)
    websocket-extensions (0.1.5)

PLATFORMS
  ruby

DEPENDENCIES
  byebug
  database_cleaner
  dotenv-rails
  guard
  guard-minitest
  guard-rspec
  jbuilder (~> 2.5)
  jwt
  koala (~> 2.2)
  listen (~> 3.0.5)
  pg (~> 0.18)
  puma (~> 3.0)
  rack-cors
  rails (~> 5.2.4, >= 5.0.0.1)
  rspec-rails
  spring
  spring-watcher-listen (~> 2.0.0)
  thor (= 0.19.1)
  trailblazer-rails
  tzinfo-data
  web-console
  webmock

RUBY VERSION
   ruby 2.2.4p230

BUNDLED WITH
   1.13.7
