GEM
  remote: https://rubygems.org/
  specs:
    chunky_png (1.2.7)
    coderay (1.0.9)
    compass (0.12.2)
      chunky_png (~> 1.2)
      fssm (>= 0.2.7)
      sass (~> 3.1)
    daemons (1.1.9)
    eventmachine (1.0.3)
    fssm (0.2.10)
    haml (4.0.3)
      tilt
    method_source (0.8.1)
    pry (0.9.12.2)
      coderay (~> 1.0.5)
      method_source (~> 0.8)
      slop (~> 3.4)
    rack (1.5.2)
    rack-protection (1.5.0)
      rack
    sass (3.2.9)
    shotgun (0.9)
      rack (>= 1.0)
    sinatra (1.4.2)
      rack (~> 1.5, >= 1.5.2)
      rack-protection (~> 1.4)
      tilt (~> 1.3, >= 1.3.4)
    slop (3.4.5)
    thin (1.5.1)
      daemons (>= 1.0.9)
      eventmachine (>= 0.12.6)
      rack (>= 1.0.0)
    tilt (1.4.1)
    zurb-foundation (4.2.1)
      sass (>= 3.2.0)

PLATFORMS
  ruby

DEPENDENCIES
  compass
  haml
  pry
  shotgun
  sinatra (~> 1.3)
  thin
  zurb-foundation (~> 4.2)
